GEM
  remote: https://rubygems.org/
  specs:
    faraday (0.9.0)
      multipart-post (>= 1.2, < 3)
    faraday-conductivity (0.3.0)
      faraday (~> 0.8)
    faraday_middleware (0.9.1)
      faraday (>= 0.7.4, < 0.10)
    kgio (2.9.2)
    multipart-post (2.0.0)
    rack (1.5.2)
    rack-protection (1.5.3)
      rack
    raindrops (0.13.0)
    sinatra (1.4.5)
      rack (~> 1.4)
      rack-protection (~> 1.4)
      tilt (~> 1.3, >= 1.3.4)
    sinatra-cross_origin (0.3.2)
    tilt (1.4.1)
    unicorn (4.8.3)
      kgio (~> 2.6)
      rack
      raindrops (~> 0.7)

PLATFORMS
  ruby

DEPENDENCIES
  faraday
  faraday-conductivity
  faraday_middleware
  sinatra
  sinatra-cross_origin (~> 0.3.1)
  unicorn
